PATH
  remote: .
  specs:
    beefcake (0.3.4.1)

GEM
  remote: http://rubygems.org/
  specs:
    rake (0.9.2)

PLATFORMS
  ruby

DEPENDENCIES
  beefcake!
  rake
